Brain Vision Data Exchange Header File Version 1.0
; Data created by the Vision Recorder

[Common Infos]
Codepage=UTF-8
DataFile=001.eeg
MarkerFile=001.vmrk
DataFormat=BINARY
; Data orientation: MULTIPLEXED=ch1,pt1, ch2,pt1 ...
DataOrientation=MULTIPLEXED
NumberOfChannels=32
; Sampling interval in microseconds
SamplingInterval=2000

[Binary Infos]
BinaryFormat=INT_16

[Channel Infos]
; Each entry: Ch<Channel number>=<Name>,<Reference channel name>,
; <Resolution in "Unit">,<Unit>, Future extensions..
; Fields are delimited by commas, some fields might be omitted (empty).
; Commas in channel names are coded as "\1".
Ch1=Fp1,,0.1,µV
Ch2=Fp2,,0.1,µV
Ch3=F3,,0.1,µV
Ch4=F4,,0.1,µV
Ch5=C3,,0.1,µV
Ch6=C4,,0.1,µV
Ch7=P3,,0.1,µV
Ch8=P4,,0.1,µV
Ch9=O1,,0.1,µV
Ch10=O2,,0.1,µV
Ch11=F7,,0.1,µV
Ch12=F8,,0.1,µV
Ch13=T7,,0.1,µV
Ch14=T8,,0.1,µV
Ch15=P7,,0.1,µV
Ch16=P8,,0.1,µV
Ch17=Fz,,0.1,µV
Ch18=Cz,,0.1,µV
Ch19=Pz,,0.1,µV
Ch20=FC1,,0.1,µV
Ch21=FC2,,0.1,µV
Ch22=CP1,,0.1,µV
Ch23=CP2,,0.1,µV
Ch24=FC5,,0.1,µV
Ch25=FC6,,0.1,µV
Ch26=CP5,,0.1,µV
Ch27=CP6,,0.1,µV
Ch28=TP9,,0.1,µV
Ch29=TP10,,0.1,µV
Ch30=EOG,,0.1,µV
Ch31=M1,,0.1,µV
Ch32=M2,,0.1,µV

[Comment]

BrainVision Recorder Professional   -   V. 1.20.0701


A m p l i f i e r  S e t u p
============================
Number of channels: 32
Sampling Rate [Hz]: 500
Sampling Interval [µS]: 2000

Channels
--------
#     Name      Phys. Chn.    Resolution / Unit   Low Cutoff [s]   High Cutoff [Hz]   Notch [Hz]    Series Res. [kOhm] Gradient         Offset
1     Fp1         1                0.1 µV             10             1000              Off                0                 
2     Fp2         2                0.1 µV             10             1000              Off                0                 
3     F3          3                0.1 µV             10             1000              Off                0                 
4     F4          4                0.1 µV             10             1000              Off                0                 
5     C3          5                0.1 µV             10             1000              Off                0                 
6     C4          6                0.1 µV             10             1000              Off                0                 
7     P3          7                0.1 µV             10             1000              Off                0                 
8     P4          8                0.1 µV             10             1000              Off                0                 
9     O1          9                0.1 µV             10             1000              Off                0                 
10    O2          10               0.1 µV             10             1000              Off                0                 
11    F7          11               0.1 µV             10             1000              Off                0                 
12    F8          12               0.1 µV             10             1000              Off                0                 
13    T7          13               0.1 µV             10             1000              Off                0                 
14    T8          14               0.1 µV             10             1000              Off                0                 
15    P7          15               0.1 µV             10             1000              Off                0                 
16    P8          16               0.1 µV             10             1000              Off                0                 
17    Fz          17               0.1 µV             10             1000              Off                0                 
18    Cz          18               0.1 µV             10             1000              Off                0                 
19    Pz          19               0.1 µV             10             1000              Off                0                 
20    FC1         20               0.1 µV             10             1000              Off                0                 
21    FC2         21               0.1 µV             10             1000              Off                0                 
22    CP1         22               0.1 µV             10             1000              Off                0                 
23    CP2         23               0.1 µV             10             1000              Off                0                 
24    FC5         24               0.1 µV             10             1000              Off                0                 
25    FC6         25               0.1 µV             10             1000              Off                0                 
26    CP5         26               0.1 µV             10             1000              Off                0                 
27    CP6         27               0.1 µV             10             1000              Off                0                 
28    TP9         28               0.1 µV             10             1000              Off                0                 
29    TP10        29               0.1 µV             10             1000              Off                0                 
30    EOG         30               0.1 µV             10             1000              Off                0                 
31    M1          31               0.1 µV             10             1000              Off                0                 
32    M2          32               0.1 µV             10             1000              Off                0                 

S o f t w a r e  F i l t e r s
==============================
#     Low Cutoff [s]   High Cutoff [Hz]   Notch [Hz]
1      0.530516         70                 60
2      0.530516         70                 60
3      0.530516         70                 60
4      0.530516         70                 60
5      0.530516         70                 60
6      0.530516         70                 60
7      0.530516         70                 60
8      0.530516         70                 60
9      0.530516         70                 60
10     0.530516         70                 60
11     0.530516         70                 60
12     0.530516         70                 60
13     0.530516         70                 60
14     0.530516         70                 60
15     0.530516         70                 60
16     0.530516         70                 60
17     0.530516         70                 60
18     0.530516         70                 60
19     0.530516         70                 60
20     0.530516         70                 60
21     0.530516         70                 60
22     0.530516         70                 60
23     0.530516         70                 60
24     0.530516         70                 60
25     0.530516         70                 60
26     0.530516         70                 60
27     0.530516         70                 60
28     0.530516         70                 60
29     0.530516         70                 60
30     0.530516         70                 60
31     0.530516         70                 60
32     0.530516         70                 60


Test Signal from actiCAP is used.
Impedances Imported from actiCAP Control Software:
Impedance [kOhm] at 11:10:12 :
Fp1:          1
Fp2:          4
F3:           2
F4:           4
C3:           2
C4:           6
P3:          10
P4:           5
O1:           6
O2:           7
F7:           0
F8:           4
T7:           3
T8:           4
P7:           3
P8:           8
Fz:           2
Cz:           2
Pz:           7
FC1:          0
FC2:          9
CP1:          9
CP2:          2
FC5:          1
FC6:          2
CP5:          2
CP6:          3
TP9:          1
TP10:         3
EOG:          1
M1:           2
M2:           5
Gnd:          2
Ref:          2

Test Signal from actiCAP is used.
Impedances Imported from actiCAP Control Software:
Impedance [kOhm] at 11:22:15 :
Fp1:          1
Fp2:          5
F3:           3
F4:           7
C3:           1
C4:           5
P3:           1
P4:           6
O1:           6
O2:           6
F7:           1
F8:           5
T7:           3
T8:           3
P7:           4
P8:          10
Fz:           2
Cz:           3
Pz:           5
FC1:          0
FC2:          1
CP1:         10
CP2:          2
FC5:          1
FC6:          1
CP5:          3
CP6:          3
TP9:          2
TP10:         3
EOG:          1
M1:           2
M2:           5
Gnd:          2
Ref:          2

Test Signal from actiCAP is used.
Impedances Imported from actiCAP Control Software:
Impedance [kOhm] at 11:29:52 :
Fp1:          1
Fp2:          5
F3:           3
F4:           8
C3:           2
C4:           6
P3:           0
P4:           5
O1:           6
O2:           6
F7:           1
F8:           6
T7:           3
T8:           3
P7:           4
P8:           2
Fz:           3
Cz:           3
Pz:           6
FC1:          0
FC2:          1
CP1:         10
CP2:          3
FC5:          1
FC6:          2
CP5:          2
CP6:          4
TP9:          2
TP10:         3
EOG:          0
M1:           2
M2:           6
Gnd:          2
Ref:          2

Test Signal from actiCAP is used.
Impedances Imported from actiCAP Control Software:
Impedance [kOhm] at 11:39:23 :
Fp1:          1
Fp2:          5
F3:           2
F4:           0
C3:           3
C4:           5
P3:           0
P4:           6
O1:           6
O2:           6
F7:           3
F8:           7
T7:           3
T8:           4
P7:           5
P8:           2
Fz:           2
Cz:           6
Pz:           5
FC1:          1
FC2:          0
CP1:          3
CP2:          3
FC5:          0
FC6:          1
CP5:          2
CP6:          3
TP9:          1
TP10:         2
EOG:          1
M1:           2
M2:           6
Gnd:          2
Ref:          3

Test Signal from actiCAP is used.
Impedances Imported from actiCAP Control Software:
Impedance [kOhm] at 11:48:24 :
Fp1:          0
Fp2:          5
F3:           3
F4:           0
C3:           2
C4:           6
P3:           1
P4:           5
O1:           6
O2:           6
F7:           0
F8:           9
T7:           3
T8:           3
P7:           5
P8:           2
Fz:           3
Cz:           9
Pz:           5
FC1:          0
FC2:          1
CP1:          2
CP2:          3
FC5:          0
FC6:          1
CP5:          1
CP6:          4
TP9:          1
TP10:         3
EOG:          1
M1:           2
M2:           6
Gnd:          2
Ref:          0
